PATH
  remote: .
  specs:
    builder_deferred_tagging (0.1.0)
      builder
      request_store

GEM
  remote: https://rubygems.org/
  specs:
    builder (3.2.4)
    rack (3.0.0)
    rake (13.0.1)
    request_store (1.5.0)
      rack (>= 1.4)

PLATFORMS
  ruby

DEPENDENCIES
  builder_deferred_tagging!
  bundler (~> 2.0)
  rake (~> 13.0)

BUNDLED WITH
   2.0.2
