PATH
  remote: .
  specs:
    builder_deferred_tagging (0.1.0)
      builder

GEM
  remote: https://rubygems.org/
  specs:
    builder (3.2.3)
    rake (10.5.0)

PLATFORMS
  ruby

DEPENDENCIES
  builder_deferred_tagging!
  bundler (~> 2.0)
  rake (~> 10.0)

BUNDLED WITH
   2.0.2
